GEM
  remote: https://rubygems.org/
  specs:
    fluent-logger (0.7.2)
      msgpack (>= 1.0.0, < 2)
    msgpack (1.2.4)
    mustermann (1.0.2)
    rack (2.0.5)
    rack-protection (2.0.2)
      rack
    sinatra (2.0.2)
      mustermann (~> 1.0)
      rack (~> 2.0)
      rack-protection (= 2.0.2)
      tilt (~> 2.0)
    tilt (2.0.8)

PLATFORMS
  ruby

DEPENDENCIES
  fluent-logger
  sinatra

BUNDLED WITH
   1.16.1
